GEM
  remote: https://rubygems.org/
  specs:

PLATFORMS

DEPENDENCIES
  jekyll (~> 4.0.0)
  jekyll-feed (~> 0.12)
  minima (~> 2.5)
  tzinfo (~> 1.2)
  tzinfo-data
  wdm (~> 0.1.1)
  webrick (~> 1.7)

BUNDLED WITH
   2.2.15
